GEM
  remote: https://rubygems.org/
  specs:
    backports (3.3.0)
    eventmachine (1.0.3)
    httparty (0.8.3)
      multi_json (~> 1.0)
      multi_xml
    multi_json (1.7.9)
    multi_xml (0.5.1)
    rack (1.5.2)
    rack-protection (1.5.0)
      rack
    rack-test (0.6.2)
      rack (>= 1.0)
    sinatra (1.4.3)
      rack (~> 1.4)
      rack-protection (~> 1.4)
      tilt (~> 1.3, >= 1.3.4)
    sinatra-contrib (1.4.0)
      backports (>= 2.0)
      eventmachine
      rack-protection
      rack-test
      sinatra (~> 1.4.2)
      tilt (~> 1.3)
    tilt (1.4.1)

PLATFORMS
  ruby

DEPENDENCIES
  httparty
  sinatra
  sinatra-contrib
