GEM
  remote: https://rubygems.org/
  specs:
    coderay (1.0.9)
    dotenv (0.9.0)
    httparty (0.11.0)
      multi_json (~> 1.0)
      multi_xml (>= 0.5.2)
    json (1.8.0)
    method_source (0.8.2)
    multi_json (1.8.0)
    multi_xml (0.5.5)
    nokogiri (1.5.9)
    pry (0.9.12.2)
      coderay (~> 1.0.5)
      method_source (~> 0.8)
      slop (~> 3.4)
    slop (3.4.6)

PLATFORMS
  ruby

DEPENDENCIES
  dotenv
  httparty
  json
  nokogiri
  pry
